GEM
  specs:
    bcrypt (3.1.20)

PLATFORMS
  x86_64-linux

DEPENDENCIES
  bcrypt

BUNDLED WITH
   2.3.5
